GEM
  remote: https://rubygems.org/
  specs:
    CFPropertyList (2.3.3)
    addressable (2.4.0)
    builder (3.2.2)
    capybara (2.9.1)
      addressable
      mime-types (>= 1.16)
      nokogiri (>= 1.3.3)
      rack (>= 1.0.0)
      rack-test (>= 0.5.4)
      xpath (~> 2.0)
    cliver (0.3.2)
    daemons (1.2.4)
    eventmachine (1.2.0.1)
    excon (0.53.0)
    fission (0.5.0)
      CFPropertyList (~> 2.2)
    fog (1.38.0)
      fog-aliyun (>= 0.1.0)
      fog-atmos
      fog-aws (>= 0.6.0)
      fog-brightbox (~> 0.4)
      fog-cloudatcost (~> 0.1.0)
      fog-core (~> 1.32)
      fog-dynect (~> 0.0.2)
      fog-ecloud (~> 0.1)
      fog-google (<= 0.1.0)
      fog-json
      fog-local
      fog-openstack
      fog-powerdns (>= 0.1.1)
      fog-profitbricks
      fog-rackspace
      fog-radosgw (>= 0.0.2)
      fog-riakcs
      fog-sakuracloud (>= 0.0.4)
      fog-serverlove
      fog-softlayer
      fog-storm_on_demand
      fog-terremark
      fog-vmfusion
      fog-voxel
      fog-vsphere (>= 0.4.0)
      fog-xenserver
      fog-xml (~> 0.1.1)
      ipaddress (~> 0.5)
    fog-aliyun (0.1.0)
      fog-core (~> 1.27)
      fog-json (~> 1.0)
      ipaddress (~> 0.8)
      xml-simple (~> 1.1)
    fog-atmos (0.1.0)
      fog-core
      fog-xml
    fog-aws (0.12.0)
      fog-core (~> 1.38)
      fog-json (~> 1.0)
      fog-xml (~> 0.1)
      ipaddress (~> 0.8)
    fog-brightbox (0.11.0)
      fog-core (~> 1.22)
      fog-json
      inflecto (~> 0.0.2)
    fog-cloudatcost (0.1.2)
      fog-core (~> 1.36)
      fog-json (~> 1.0)
      fog-xml (~> 0.1)
      ipaddress (~> 0.8)
    fog-core (1.42.0)
      builder
      excon (~> 0.49)
      formatador (~> 0.2)
    fog-dynect (0.0.3)
      fog-core
      fog-json
      fog-xml
    fog-ecloud (0.3.0)
      fog-core
      fog-xml
    fog-google (0.1.0)
      fog-core
      fog-json
      fog-xml
    fog-json (1.0.2)
      fog-core (~> 1.0)
      multi_json (~> 1.10)
    fog-local (0.3.0)
      fog-core (~> 1.27)
    fog-openstack (0.1.12)
      fog-core (>= 1.40)
      fog-json (>= 1.0)
      ipaddress (>= 0.8)
    fog-powerdns (0.1.1)
      fog-core (~> 1.27)
      fog-json (~> 1.0)
      fog-xml (~> 0.1)
    fog-profitbricks (2.0.1)
      fog-core (~> 1.42)
      fog-json (~> 1.0)
    fog-rackspace (0.1.1)
      fog-core (>= 1.35)
      fog-json (>= 1.0)
      fog-xml (>= 0.1)
      ipaddress (>= 0.8)
    fog-radosgw (0.0.5)
      fog-core (>= 1.21.0)
      fog-json
      fog-xml (>= 0.0.1)
    fog-riakcs (0.1.0)
      fog-core
      fog-json
      fog-xml
    fog-sakuracloud (1.7.5)
      fog-core
      fog-json
    fog-serverlove (0.1.2)
      fog-core
      fog-json
    fog-softlayer (1.1.4)
      fog-core
      fog-json
    fog-storm_on_demand (0.1.1)
      fog-core
      fog-json
    fog-terremark (0.1.0)
      fog-core
      fog-xml
    fog-vmfusion (0.1.0)
      fission
      fog-core
    fog-voxel (0.1.0)
      fog-core
      fog-xml
    fog-vsphere (1.2.0)
      fog-core
      rbvmomi (~> 1.8.0)
    fog-xenserver (0.2.3)
      fog-core
      fog-xml
    fog-xml (0.1.2)
      fog-core
      nokogiri (~> 1.5, >= 1.5.11)
    formatador (0.2.5)
    inflecto (0.0.2)
    ipaddress (0.8.3)
    mime-types (3.1)
      mime-types-data (~> 3.2015)
    mime-types-data (3.2016.0521)
    mini_portile2 (2.1.0)
    mono_logger (1.1.0)
    multi_json (1.12.1)
    nokogiri (1.6.8)
      mini_portile2 (~> 2.1.0)
      pkg-config (~> 1.1.7)
    phantomjs (2.1.1.0)
    pkg-config (1.1.7)
    poltergeist (1.10.0)
      capybara (~> 2.1)
      cliver (~> 0.3.1)
      websocket-driver (>= 0.2.0)
    rack (1.6.4)
    rack-protection (1.5.3)
      rack
    rack-test (0.6.3)
      rack (>= 1.0)
    rake (11.3.0)
    rbvmomi (1.8.2)
      builder
      nokogiri (>= 1.4.1)
      trollop
    redis (3.3.1)
    redis-namespace (1.5.2)
      redis (~> 3.0, >= 3.0.4)
    resque (1.26.0)
      mono_logger (~> 1.0)
      multi_json (~> 1.0)
      redis-namespace (~> 1.3)
      sinatra (>= 0.9.2)
      vegas (~> 0.1.2)
    sinatra (1.4.7)
      rack (~> 1.5)
      rack-protection (~> 1.4)
      tilt (>= 1.3, < 3)
    sinatra-redis (0.3.0)
      redis
      sinatra (>= 0.9.4)
    thin (1.7.0)
      daemons (~> 1.0, >= 1.0.9)
      eventmachine (~> 1.0, >= 1.0.4)
      rack (>= 1, < 3)
    tilt (2.0.5)
    trollop (2.1.2)
    vegas (0.1.11)
      rack (>= 1.0.0)
    websocket-driver (0.6.4)
      websocket-extensions (>= 0.1.0)
    websocket-extensions (0.1.2)
    xml-simple (1.1.5)
    xpath (2.0.0)
      nokogiri (~> 1.3)

PLATFORMS
  ruby

DEPENDENCIES
  capybara
  fog
  nokogiri
  phantomjs
  poltergeist
  rake
  resque
  sinatra
  sinatra-redis
  thin

BUNDLED WITH
   1.10.6
